GEM
  remote: https://rubygems.org/
  specs:
    ethon (0.7.1)
      ffi (>= 1.3.0)
    ffi (1.9.6)
    json (1.8.1)
    mail (2.5.4)
      mime-types (~> 1.16)
      treetop (~> 1.4.8)
    mime-types (1.25.1)
    mini_portile (0.6.0)
    nokogiri (1.6.3.1)
      mini_portile (= 0.6.0)
    polyglot (0.3.5)
    pony (1.11)
      mail (>= 2.0)
    rack (1.5.2)
    rack-protection (1.5.3)
      rack
    sinatra (1.4.5)
      rack (~> 1.4)
      rack-protection (~> 1.4)
      tilt (~> 1.3, >= 1.3.4)
    tilt (1.4.1)
    treetop (1.4.15)
      polyglot
      polyglot (>= 0.3.1)
    typhoeus (0.6.9)
      ethon (>= 0.7.1)
    zipruby (0.3.6)

PLATFORMS
  ruby

DEPENDENCIES
  json
  nokogiri
  pony
  sinatra
  typhoeus
  zipruby

RUBY VERSION
   ruby 2.0.0p648

BUNDLED WITH
   1.12.5
