GEM
  remote: https://rubygems.org/
  specs:
    activesupport (4.0.5)
      i18n (~> 0.6, >= 0.6.9)
      minitest (~> 4.2)
      multi_json (~> 1.3)
      thread_safe (~> 0.1)
      tzinfo (~> 0.3.37)
    ethon (0.7.1)
      ffi (>= 1.3.0)
    ffi (1.9.6)
    i18n (0.6.11)
    json (1.8.1)
    mail (2.5.4)
      mime-types (~> 1.16)
      treetop (~> 1.4.8)
    mime-types (1.25.1)
    mini_portile (0.6.0)
    minitest (4.7.5)
    multi_json (1.10.1)
    nokogiri (1.6.3.1)
      mini_portile (= 0.6.0)
    polyglot (0.3.5)
    pony (1.11)
      mail (>= 2.0)
    rack (1.5.2)
    rack-protection (1.5.3)
      rack
    sinatra (1.4.5)
      rack (~> 1.4)
      rack-protection (~> 1.4)
      tilt (~> 1.3, >= 1.3.4)
    thread_safe (0.3.4)
    tilt (1.4.1)
    time_diff (0.3.0)
      activesupport
      i18n
    treetop (1.4.15)
      polyglot
      polyglot (>= 0.3.1)
    typhoeus (0.6.9)
      ethon (>= 0.7.1)
    tzinfo (0.3.41)
    zipruby (0.3.6)

PLATFORMS
  ruby

DEPENDENCIES
  json
  nokogiri
  pony
  sinatra
  time_diff
  typhoeus
  zipruby
